GEM
  specs:
    bogus (0.1.4)
      dependor (>= 0.0.4)
    dependor (1.0.1)
    diff-lcs (1.2.4)
    rake (0.9.2.2)
    rspec (2.14.1)
      rspec-core (~> 2.14.0)
      rspec-expectations (~> 2.14.0)
      rspec-mocks (~> 2.14.0)
    rspec-core (2.14.5)
    rspec-expectations (2.14.2)
      diff-lcs (>= 1.1.3, < 2.0)
    rspec-mocks (2.14.3)

PLATFORMS
  ruby

DEPENDENCIES
  bogus
  rake
  rspec
